GEM
  remote: https://rubygems.org/
  specs:
    crass (1.0.3)
    dotenv (2.2.1)
    faraday (0.13.1)
      multipart-post (>= 1.2, < 3)
    faraday_middleware (0.12.2)
      faraday (>= 0.7.4, < 1.0)
    feedjira (2.1.2)
      faraday (>= 0.9)
      faraday_middleware (>= 0.9)
      loofah (>= 2.0)
      sax-machine (>= 1.0)
    httparty (0.15.6)
      multi_xml (>= 0.5.2)
    loofah (2.1.1)
      crass (~> 1.0.2)
      nokogiri (>= 1.5.9)
    mail (2.7.0)
      mini_mime (>= 0.1.1)
    mini_mime (1.0.0)
    mini_portile2 (2.3.0)
    multi_xml (0.6.0)
    multipart-post (2.0.0)
    nokogiri (1.8.1)
      mini_portile2 (~> 2.3.0)
    sax-machine (1.3.2)

PLATFORMS
  ruby

DEPENDENCIES
  dotenv
  feedjira
  httparty
  mail

RUBY VERSION
   ruby 2.4.1p111

BUNDLED WITH
   1.16.0
